GEM
  remote: http://rubygems.org/
  specs:
    columnize (0.3.2)
    haml (3.1.1)
    json (1.5.1)
    linecache (0.43)
    rack (1.3.0)
    ruby-dbus (0.6.0)
    ruby-debug (0.10.4)
      columnize (>= 0.1)
      ruby-debug-base (~> 0.10.4.0)
    ruby-debug-base (0.10.4)
      linecache (>= 0.3)
    sinatra (1.2.6)
      rack (~> 1.1)
      tilt (< 2.0, >= 1.2.2)
    tilt (1.3.1)

PLATFORMS
  ruby

DEPENDENCIES
  haml
  json
  ruby-dbus
  ruby-debug
  sinatra
